GEM
  remote: https://rubygems.org/
  specs:
    json (2.6.3)
    kramdown (2.4.0)
      rexml
    rexml (3.2.5)

PLATFORMS
  x86_64-linux

DEPENDENCIES
  json (~> 2.6)
  kramdown (~> 2.4)

BUNDLED WITH
   2.4.6
